PATH
  remote: .
  specs:
    dcmp_bitmovin (0.1.0)
      faraday (>= 2.12.0)

GEM
  remote: https://rubygems.org/
  specs:
    faraday (2.12.1)
      faraday-net_http (>= 2.0, < 3.5)
      json
      logger
    faraday-net_http (3.4.0)
      net-http (>= 0.5.0)
    json (2.8.2)
    logger (1.6.1)
    net-http (0.5.0)
      uri
    rake (13.2.1)
    uri (1.0.2)

PLATFORMS
  ruby
  x86_64-linux

DEPENDENCIES
  bundler
  dcmp_bitmovin!
  rake (~> 13.0)

BUNDLED WITH
   2.5.11
